GEM
  remote: https://rubygems.org/
  specs:
    activesupport (4.2.7.1)
      i18n (~> 0.7)
      json (~> 1.7, >= 1.7.7)
      minitest (~> 5.1)
      thread_safe (~> 0.3, >= 0.3.4)
      tzinfo (~> 1.1)
    bson (4.1.1)
    dotenv (2.1.1)
    hashie (2.1.2)
    i18n (0.7.0)
    json (1.8.3)
    minitest (5.9.1)
    mongo (2.3.0)
      bson (~> 4.1)
    rubimas (0.4.0)
      activesupport (~> 4.0)
      hashie (~> 2.0)
    thread_safe (0.3.5)
    tzinfo (1.2.2)
      thread_safe (~> 0.1)

PLATFORMS
  ruby

DEPENDENCIES
  dotenv
  mongo
  rubimas

RUBY VERSION
   ruby 2.3.1p112

BUNDLED WITH
   1.13.5
